PATH
  remote: .
  specs:
    machinist2_mongomapper (0.0.1)
      i18n
      machinist (~> 2.0.0.beta2)
      mongo_mapper (~> 0.8.6)

GEM
  remote: http://rubygems.org/
  specs:
    activesupport (3.0.3)
    bson (1.1.2)
    bson_ext (1.1.2)
    diff-lcs (1.1.2)
    i18n (0.4.2)
    jnunemaker-validatable (1.8.4)
      activesupport (>= 2.3.4)
    machinist (2.0.0.beta2)
    mongo (1.1.2)
      bson (>= 1.1.1)
    mongo_mapper (0.8.6)
      activesupport (>= 2.3.4)
      jnunemaker-validatable (~> 1.8.4)
      plucky (~> 0.3.6)
    plucky (0.3.6)
      mongo (~> 1.1)
    rspec (2.1.0)
      rspec-core (~> 2.1.0)
      rspec-expectations (~> 2.1.0)
      rspec-mocks (~> 2.1.0)
    rspec-core (2.1.0)
    rspec-expectations (2.1.0)
      diff-lcs (~> 1.1.2)
    rspec-mocks (2.1.0)

PLATFORMS
  ruby

DEPENDENCIES
  bson_ext (= 1.1.2)
  i18n
  machinist (~> 2.0.0.beta2)
  machinist2_mongomapper!
  mongo_mapper (~> 0.8.6)
  rspec (~> 2.1.0)
